GEM
  remote: http://rubygems.org/
  specs:
    logger (1.2.8)

PLATFORMS
  ruby

DEPENDENCIES
  logger

BUNDLED WITH
   1.13.6
